GEM
  remote: https://rubygems.org/
  specs:
    hashdiff (0.1.1)
    trollop (2.0)

PLATFORMS
  ruby

DEPENDENCIES
  hashdiff
  trollop
